GEM
  remote: https://rubygems.org/
  specs:
    forwardable (1.3.2)
    prime (0.1.2)
      forwardable
      singleton
    singleton (0.1.1)

PLATFORMS
  x64-mingw-ucrt

DEPENDENCIES
  prime (~> 0.1.2)

BUNDLED WITH
   2.3.16
